GIT
  remote: git://github.com/mordaroso/guard-motion.git
  revision: b6b3823b4ab7cd335f1dda4136510ffff3e4e3ec
  specs:
    guard-motion (0.1.0)
      guard (>= 1.1.0)
      rake (>= 0.9)

GEM
  remote: http://rubygems.org/
  specs:
    coolline (0.3.0)
    guard (1.3.2)
      listen (>= 0.4.2)
      thor (>= 0.14.6)
    listen (0.5.0)
    rake (0.9.2.2)
    rb-fsevent (0.9.1)
    terminal-notifier-guard (1.5.3)
    thor (0.16.0)

PLATFORMS
  ruby

DEPENDENCIES
  coolline
  guard
  guard-motion!
  rake
  rb-fsevent (~> 0.9.1)
  terminal-notifier-guard
